GEM
  remote: https://rubygems.org/
  specs:
    addressable (2.8.6)
      public_suffix (>= 2.0.2, < 6.0)
    bas (1.1.1)
    base64 (0.2.0)
    date (3.3.4)
    diff-lcs (1.5.1)
    faraday (2.9.0)
      faraday-net_http (>= 2.0, < 3.2)
    faraday-net_http (3.1.0)
      net-http
    gmail_xoauth (0.4.3)
      oauth (>= 0.3.6)
    hashie (5.0.0)
    httparty (0.21.0)
      mini_mime (>= 1.0.0)
      multi_xml (>= 0.5.2)
    jwt (2.8.1)
      base64
    md_to_notion (0.1.4)
    mini_mime (1.1.5)
    multi_xml (0.6.0)
    net-http (0.4.1)
      uri
    net-imap (0.4.10)
      date
      net-protocol
    net-protocol (0.2.2)
      timeout
    net-smtp (0.4.0.1)
      net-protocol
    oauth (1.1.0)
      oauth-tty (~> 1.0, >= 1.0.1)
      snaky_hash (~> 2.0)
      version_gem (~> 1.1)
    oauth-tty (1.0.5)
      version_gem (~> 1.1, >= 1.1.1)
    octokit (8.1.0)
      base64
      faraday (>= 1, < 3)
      sawyer (~> 0.9)
    pg (1.5.5)
    public_suffix (5.0.5)
    rspec (3.13.0)
      rspec-core (~> 3.13.0)
      rspec-expectations (~> 3.13.0)
      rspec-mocks (~> 3.13.0)
    rspec-core (3.13.0)
      rspec-support (~> 3.13.0)
    rspec-expectations (3.13.0)
      diff-lcs (>= 1.2.0, < 2.0)
      rspec-support (~> 3.13.0)
    rspec-mocks (3.13.0)
      diff-lcs (>= 1.2.0, < 2.0)
      rspec-support (~> 3.13.0)
    rspec-support (3.13.1)
    sawyer (0.9.2)
      addressable (>= 2.3.5)
      faraday (>= 0.17.3, < 3)
    snaky_hash (2.0.1)
      hashie
      version_gem (~> 1.1, >= 1.1.1)
    timeout (0.4.1)
    uri (0.13.0)
    version_gem (1.1.4)

PLATFORMS
  ruby
  x86_64-linux

DEPENDENCIES
  bas (~> 1.1)
  gmail_xoauth
  httparty
  jwt (~> 2.8.1)
  md_to_notion (~> 0.1.4)
  net-imap (~> 0.4.10)
  net-smtp (~> 0.4.0.1)
  octokit (~> 8.1.0)
  pg (= 1.5.5)
  rspec

RUBY VERSION
   ruby 3.3.3p89

BUNDLED WITH
   2.5.5
